GEM
  remote: http://rubygems.org/
  specs:
    colorize (0.8.1)
    minitest (5.10.3)

PLATFORMS
  ruby

DEPENDENCIES
  colorize
  minitest

BUNDLED WITH
   1.15.4
